GEM
  remote: https://rubygems.org/
  specs:
    cane (2.6.0)
      parallel
    columnize (0.3.6)
    debugger (1.6.1)
      columnize (>= 0.3.1)
      debugger-linecache (~> 1.2.0)
      debugger-ruby_core_source (~> 1.2.3)
    debugger-linecache (1.2.0)
    debugger-ruby_core_source (1.2.3)
    diff-lcs (1.2.5)
    minitest (5.0.8)
    parallel (0.8.4)
    rake (10.1.0)
    reek (1.3.3)
      ruby2ruby (~> 2.0.2)
      ruby_parser (~> 3.1, >= 3.1.1)
      sexp_processor
    rspec (2.14.1)
      rspec-core (~> 2.14.0)
      rspec-expectations (~> 2.14.0)
      rspec-mocks (~> 2.14.0)
    rspec-core (2.14.7)
    rspec-expectations (2.14.5)
      diff-lcs (>= 1.1.3, < 2.0)
    rspec-mocks (2.14.5)
    ruby2ruby (2.0.6)
      ruby_parser (~> 3.1)
      sexp_processor (~> 4.0)
    ruby_parser (3.2.2)
      sexp_processor (~> 4.1)
    sexp_processor (4.3.0)

PLATFORMS
  ruby

DEPENDENCIES
  cane
  debugger
  minitest
  rake
  reek
  rspec
